GEM
  remote: https://rubygems.org/
  specs:
    colorator (0.1)
    ffi (1.9.10)
    jekyll (3.1.3)
      colorator (~> 0.1)
      jekyll-sass-converter (~> 1.0)
      jekyll-watch (~> 1.1)
      kramdown (~> 1.3)
      liquid (~> 3.0)
      mercenary (~> 0.3.3)
      rouge (~> 1.7)
      safe_yaml (~> 1.0)
    jekyll-paginate (1.1.0)
    jekyll-sass-converter (1.4.0)
      sass (~> 3.4)
    jekyll-watch (1.3.1)
      listen (~> 3.0)
    kramdown (1.10.0)
    liquid (3.0.6)
    listen (3.0.6)
      rb-fsevent (>= 0.9.3)
      rb-inotify (>= 0.9.7)
    mercenary (0.3.6)
    posix-spawn (0.3.11)
    pygments.rb (0.6.3)
      posix-spawn (~> 0.3.6)
      yajl-ruby (~> 1.2.0)
    rb-fsevent (0.9.7)
    rb-inotify (0.9.7)
      ffi (>= 0.5.0)
    redcarpet (3.3.4)
    rouge (1.10.1)
    safe_yaml (1.0.4)
    sass (3.4.22)
    yajl-ruby (1.2.1)

PLATFORMS
  ruby

DEPENDENCIES
  jekyll
  jekyll-paginate
  pygments.rb
  redcarpet

BUNDLED WITH
   1.10.6
